PATH
  remote: .
  specs:
    taketo (0.2.0.alpha)

GEM
  remote: https://rubygems.org/
  specs:
    diff-lcs (1.1.3)
    multi_json (1.3.7)
    open4 (1.3.0)
    rake (0.9.5)
    redcarpet (2.2.2)
    ripper (1.0.5)
    rspec (2.12.0)
      rspec-core (~> 2.12.0)
      rspec-expectations (~> 2.12.0)
      rspec-mocks (~> 2.12.0)
    rspec-core (2.12.0)
    rspec-expectations (2.12.0)
      diff-lcs (~> 1.1.3)
    rspec-mocks (2.12.0)
    simplecov (0.7.1)
      multi_json (~> 1.0)
      simplecov-html (~> 0.7.1)
    simplecov-html (0.7.1)
    yard (0.8.5.2)

PLATFORMS
  ruby

DEPENDENCIES
  open4 (~> 1.3)
  rake (~> 0.9)
  redcarpet (~> 2.2)
  ripper
  rspec (~> 2.11)
  simplecov (~> 0.6)
  taketo!
  yard (~> 0.8.5)
